##TITLE= Parameter file, TOPSPIN		Version 3.2
##JCAMPDX= 5.0
##DATATYPE= Parameter Values
##NPOINTS= 386	$$ modification sequence number
##ORIGIN= Bruker BioSpin GmbH
##OWNER= nmrsu
$$ 2014-10-01 15:41:47.985 +0100  nmrsu@npc-nmr-01
$$ C:/Bruker/TopSpin3.2.3/conf/instr/spect/specpar
$$ process C:\Bruker\TopSpin3.2.3\prog\mod\cprserver.exe
##$ANCIEN= (0..7)
0 0 0 0 0 0 0 0
##$BF1= 100.13
##$BF2= 100.13
##$BF3= 100.13
##$DEC= 1
##$DECB= 1
##$DEF19F= yes
##$DEFRSEL= yes
##$HPMOD= (0..7)
0 0 0 0 0 0 0 0
##$HPPRECH= (0..15)
-1 -1 -1 -1 -1 -1 -1 -1 -1 -1 -1 -1 -1 -1 -1 -1
##$LOCSW19F= -1
##$LOCSW2H= -1
##$NUC1= 1
##$NUC2= 0
##$NUC3= 0
##$NUC4= 0
##$NUC5= 0
##$NUC6= 0
##$NUC7= 0
##$NUC8= 0
##$NUCARR= (0..123)
600.59 600.59 92.194222 640.613161 457.526081 88.383341 233.412078 84.393784
64.525336 192.693139 151.018476 43.385931 60.857256 81.418725 565.119221
47.412352 158.867466 36.765928 156.494889 119.320338 243.123288 46.101288
58.845262 48.982469 28.02577 15.382942 40.419881 145.893803 33.858465 33.867492
59.880679 157.972875 33.948326 148.881564 19.445771 142.502434 53.669029
159.249279 170.58974 37.577733 144.149732 183.160155 20.950471 102.836707
114.5416 31.337117 150.471698 162.198446 23.108301 57.986622 196.515775
26.028502 29.430099 55.832636 147.001429 39.140006 39.961427 135.182755
27.658076 30.998666 19.137482 27.483599 24.310796 27.948654 127.418051
133.28999 131.323538 131.605059 196.505535 214.003784 223.963807 143.724652
77.831761 157.172853 189.484758 120.16296 167.025196 49.512165 78.774237
59.665355 66.743134 79.243646 84.837187 183.900658 32.732155 20.179824
25.044603 20.660296 149.306674 65.944782 18.438113 24.203777 144.381836
20.660296 28.948438 128.165906 17.296992 49.788911 105.099082 28.954444
68.491284 48.833973 24.065641 15.11685 72.008339 25.022904 135.280495 136.643834
13.707452 46.638216 10.318136 11.237039 129.107535 10.384201 107.570606
39.708506 343.076227 346.443363 125.647026 96.510537 11.059264 100 100
100
##$OBS= 1
##$OFFSF= (0..7)
0 0 0 0 0 0 0 0
##$OFFSH= (0..7)
2820.99999992624 0 0 0 0 0 0 0
##$OFFSX= (0..7)
-3403.70000000689 0 0 0 0 0 0 0
##$OFFSXAS= (0..7)
0 0 0 0 0 0 0 0
##$OFSF1= 0
##$OFSF2= 0
##$OFSH1= 0
##$OFSH2= 0
##$OFSH3= 0
##$OFSX1= 0
##$OFSX2= 0
##$OFSY= 0
##$PACOIL= (0..15)
0 0 0 0 0 0 0 0 0 0 0 0 0 0 0 0
##$PRECHAN= (0..15)
-1 2 -1 0 1 -1 -1 -1 -1 -1 -1 -1 -1 -1 -1 -1
##$RECPRE= (0..15)
-1 0 -1 -1 -1 -1 -1 -1 -1 -1 -1 -1 -1 -1 -1 -1
##$RECSEL= (0..15)
0 0 1 0 0 0 0 0 0 0 0 0 0 0 0 0
##$SELREC= (0..9)
0 0 0 0 0 0 0 0 0 0
##$SFO1= 600.592821
##$SFO2= 600.593709
##$SFO3= 600.593709
##$SFO4= 600.593709
##$SFO5= 600.593709
##$SFO6= 600.593709
##$SFO7= 600.593709
##$SFO8= 600.593709
##$TY= (0..123)
0 0 0 0 0 0 0 0 0 0 0 0 0 0 0 0 0 0 0 0 0 0 0 0 0 0 0 0 0 0 0 0 0 0 0 0
0 0 0 0 0 0 0 0 0 0 0 0 0 0 0 0 0 0 0 0 0 0 0 0 0 0 0 0 0 0 0 0 0 0 0 0
0 0 0 0 0 0 0 0 0 0 0 0 0 0 0 0 0 0 0 0 0 0 0 0 0 0 0 0 0 0 0 0 0 0 0 0
0 0 0 0 0 0 0 0 0 0 0 0 0 0 0 0
##END=
